GEM
  specs:
    byebug (5.0.0)
      columnize (= 0.9.0)
    colorize (0.7.7)
    columnize (0.9.0)

PLATFORMS
  ruby

DEPENDENCIES
  byebug
  colorize
